GEM
  remote: https://rubygems.org/
  specs:
    nio4r (2.5.7)
    puma (5.3.1)
      nio4r (~> 2.0)

PLATFORMS
  x86_64-darwin-19
  x86_64-darwin-20

DEPENDENCIES
  puma (~> 5.3)

BUNDLED WITH
   2.2.15
